GIT
  remote: git://github.com/vhochstein/jeweler.git
  revision: 5cdcbb9aff001309bf82e3df4060b8e2b485b8ea
  specs:
    jeweler (1.6.4)
      bundler (~> 1.0)
      git (>= 1.2.5)
      rake

GEM
  remote: http://rubygems.org/
  specs:
    git (1.2.5)
    rake (0.9.2)
    rcov (0.9.9)
    shoulda (2.11.3)

PLATFORMS
  ruby

DEPENDENCIES
  bundler (~> 1.0.0)
  jeweler!
  rcov
  shoulda
